GEM
  remote: https://rubygems.org/
  specs:
    concurrent-ruby (1.0.5)
    i18n (1.0.1)
      concurrent-ruby (~> 1.0)
    money (6.12.0)
      i18n (>= 0.6.4, < 1.1)
    slop (4.6.2)

PLATFORMS
  ruby

DEPENDENCIES
  money
  slop

BUNDLED WITH
   1.16.4
